PATH
  remote: .
  specs:
    presto-pggw (0.1.0)

GEM
  remote: https://rubygems.org/
  specs:
    rake (0.9.6)
    rake-compiler (0.8.3)
      rake

PLATFORMS
  ruby

DEPENDENCIES
  bundler (~> 1.0)
  presto-pggw!
  rake (~> 0.9.2)
  rake-compiler (~> 0.8.3)
